PATH
  remote: .
  specs:
    jumon (0.1.2)
      cli-ui (~> 2.2)
      ruby-openai (>= 4.1, < 7.0)

GEM
  remote: https://rubygems.org/
  specs:
    base64 (0.1.1)
    cli-ui (2.2.3)
    diff-lcs (1.5.0)
    event_stream_parser (0.3.0)
    faraday (2.7.11)
      base64
      faraday-net_http (>= 2.0, < 3.1)
      ruby2_keywords (>= 0.0.4)
    faraday-multipart (1.0.4)
      multipart-post (~> 2)
    faraday-net_http (3.0.2)
    multipart-post (2.3.0)
    rake (13.0.6)
    rspec (3.12.0)
      rspec-core (~> 3.12.0)
      rspec-expectations (~> 3.12.0)
      rspec-mocks (~> 3.12.0)
    rspec-core (3.12.2)
      rspec-support (~> 3.12.0)
    rspec-expectations (3.12.3)
      diff-lcs (>= 1.2.0, < 2.0)
      rspec-support (~> 3.12.0)
    rspec-mocks (3.12.5)
      diff-lcs (>= 1.2.0, < 2.0)
      rspec-support (~> 3.12.0)
    rspec-support (3.12.1)
    ruby-openai (6.0.0)
      event_stream_parser (>= 0.3.0, < 1.0.0)
      faraday (>= 1)
      faraday-multipart (>= 1)
    ruby2_keywords (0.0.5)

PLATFORMS
  arm64-darwin-22
  x86_64-linux

DEPENDENCIES
  jumon!
  rake (~> 13.0)
  rspec (~> 3.0)

BUNDLED WITH
   2.4.7
